GIT
  remote: https://github.com/metaskills/less-rails-bootstrap.git
  revision: fa9e025c5e171f0de6adf7ec080f36bc11193db2
  branch: 3.0.0-wip
  specs:
    less-rails-bootstrap (3.0.0.wip)
      less-rails (~> 2.3.1)

PATH
  remote: vendor/gems/engine
  specs:
    locomotive_cms (2.1.3)
      RedCloth (~> 4.2.8)
      actionmailer-with-request (~> 0.3.0)
      cancan (= 1.6.7)
      carrierwave-mongoid (~> 0.6.0)
      cells (~> 3.8.0)
      codemirror-rails (~> 2.21)
      custom_fields (~> 2.2.0)
      devise (~> 2.2.3)
      devise-encryptable (~> 0.1.1)
      dragonfly (~> 0.9.15)
      flash_cookie_session (~> 1.1.1)
      fog (~> 1.11.1)
      formtastic (~> 2.2.1)
      haml (~> 4.0.2)
      highline (~> 1.6.2)
      httparty (~> 0.11.0)
      jquery-rails (~> 2.1.4)
      kaminari (~> 0.14.1)
      locomotive-aloha-rails (~> 0.23.2.2)
      locomotive-mongoid_migration (~> 0.0.7)
      locomotive-tinymce-rails (~> 3.5.8.1)
      locomotive_liquid (~> 2.4.2)
      mimetype-fu (~> 0.1.2)
      mongoid (~> 3.1.3)
      mongoid-tree (~> 1.0.1)
      multi_json (~> 1.7.3)
      rack-cache (~> 1.1)
      rails (~> 3.2.13)
      rails-backbone (~> 0.7.2)
      rake (~> 10.0.0)
      responders (~> 0.9.2)
      sanitize (~> 2.0.3)
      stringex (~> 1.5.1)

PATH
  remote: vendor/gems/mounter
  specs:
    locomotivecms_mounter (1.1.0)
      RedCloth (~> 4.2.3)
      activesupport (~> 3.2.5)
      coffee-script (~> 2.2.0)
      colorize (~> 0.5.8)
      compass (~> 0.12.1)
      haml (~> 4.0.2)
      httmultiparty (= 0.3.8)
      i18n (~> 0.6.0)
      json (~> 1.8.0)
      less (~> 2.3.1)
      logger
      mime-types (~> 1.19)
      multi_json (~> 1.7.3)
      sass (~> 3.2.1)
      stringex (~> 1.5.1)
      tilt (= 1.4.1)
      zip (~> 2.0.2)

GEM
  remote: https://rubygems.org/
  specs:
    RedCloth (4.2.9)
    actionmailer (3.2.13)
      actionpack (= 3.2.13)
      mail (~> 2.5.3)
    actionmailer-with-request (0.3.0)
      rails (>= 3)
    actionpack (3.2.13)
      activemodel (= 3.2.13)
      activesupport (= 3.2.13)
      builder (~> 3.0.0)
      erubis (~> 2.7.0)
      journey (~> 1.0.4)
      rack (~> 1.4.5)
      rack-cache (~> 1.2)
      rack-test (~> 0.6.1)
      sprockets (~> 2.2.1)
    active_model_serializers (0.8.1)
      activemodel (>= 3.0)
    activemodel (3.2.13)
      activesupport (= 3.2.13)
      builder (~> 3.0.0)
    activerecord (3.2.13)
      activemodel (= 3.2.13)
      activesupport (= 3.2.13)
      arel (~> 3.0.2)
      tzinfo (~> 0.3.29)
    activeresource (3.2.13)
      activemodel (= 3.2.13)
      activesupport (= 3.2.13)
    activesupport (3.2.13)
      i18n (= 0.6.1)
      multi_json (~> 1.0)
    arel (3.0.2)
    barber (0.4.2)
      ember-source
      execjs
      handlebars-source
    barber-emblem (0.1.1)
      barber (>= 0.4.1)
      emblem-source
    bcrypt-ruby (3.0.1)
    binding_of_caller (0.7.2)
      debug_inspector (>= 0.0.1)
    builder (3.0.4)
    cancan (1.6.7)
    capybara (2.1.0)
      mime-types (>= 1.16)
      nokogiri (>= 1.3.3)
      rack (>= 1.0.0)
      rack-test (>= 0.5.4)
      xpath (~> 2.0)
    capybara-firebug (1.3.0)
      capybara (>= 1.0, < 3.0)
    carrierwave (0.8.0)
      activemodel (>= 3.2.0)
      activesupport (>= 3.2.0)
    carrierwave-mongoid (0.6.0)
      carrierwave (~> 0.8.0)
      mongoid (>= 3.0, < 5.0)
      mongoid-grid_fs (~> 1.3)
    cells (3.8.8)
      actionpack (>= 3.0)
      railties (>= 3.0)
    childprocess (0.3.9)
      ffi (~> 1.0, >= 1.0.11)
    chunky_png (1.2.8)
    codemirror-rails (2.36)
      railties (~> 3.0)
    coderay (1.0.9)
    coffee-rails (3.2.2)
      coffee-script (>= 2.2.0)
      railties (~> 3.2.0)
    coffee-script (2.2.0)
      coffee-script-source
      execjs
    coffee-script-source (1.6.2)
    colorize (0.5.8)
    columnize (0.3.6)
    commonjs (0.2.6)
    compass (0.12.2)
      chunky_png (~> 1.2)
      fssm (>= 0.2.7)
      sass (~> 3.1)
    compass-rails (1.0.3)
      compass (>= 0.12.2, < 0.14)
    cucumber (1.3.2)
      builder (>= 2.1.2)
      diff-lcs (>= 1.1.3)
      gherkin (~> 2.12.0)
      multi_json (~> 1.3)
    cucumber-rails (1.3.1)
      capybara (>= 1.1.2)
      cucumber (>= 1.2.0)
      nokogiri (>= 1.5.0)
      rails (~> 3.0)
    custom_fields (2.2.0)
      activesupport (~> 3.2.13)
      carrierwave-mongoid (~> 0.6.0)
      money (~> 5.0)
      mongoid (~> 3.1.3)
    database_cleaner (1.0.1)
    debug_inspector (0.0.2)
    debugger (1.6.0)
      columnize (>= 0.3.1)
      debugger-linecache (~> 1.2.0)
      debugger-ruby_core_source (~> 1.2.1)
    debugger-linecache (1.2.0)
    debugger-ruby_core_source (1.2.2)
    devise (2.2.4)
      bcrypt-ruby (~> 3.0)
      orm_adapter (~> 0.1)
      railties (~> 3.1)
      warden (~> 1.2.1)
    devise-encryptable (0.1.2)
      devise (>= 2.1.0)
    diff-lcs (1.2.4)
    dragonfly (0.9.15)
      multi_json (~> 1.0)
      rack
    ejs (1.0.0)
    ember-data-source (0.13)
      ember-source
    ember-rails (0.12.0)
      active_model_serializers
      barber (>= 0.4.1)
      ember-data-source
      ember-source (>= 1.0.0.rc2.2)
      execjs (>= 1.2)
      railties (>= 3.1)
    ember-source (1.0.0.rc5)
      handlebars-source (= 1.0.0.rc4)
    emblem-rails (0.1.1)
      barber-emblem (~> 0.1.1)
      ember-rails (>= 0.11.1)
    emblem-source (0.2.7)
    erubis (2.7.0)
    excon (0.24.0)
    execjs (1.4.0)
      multi_json (~> 1.0)
    factory_girl (4.2.0)
      activesupport (>= 3.0.0)
    factory_girl_rails (4.2.1)
      factory_girl (~> 4.2.0)
      railties (>= 3.0.0)
    ffi (1.9.0)
    flash_cookie_session (1.1.4)
      rails (~> 3.0)
    fog (1.11.1)
      builder
      excon (~> 0.20)
      formatador (~> 0.2.0)
      json (~> 1.7)
      mime-types
      net-scp (~> 1.1)
      net-ssh (>= 2.1.3)
      nokogiri (~> 1.5.0)
      ruby-hmac
    formatador (0.2.4)
    formtastic (2.2.1)
      actionpack (>= 3.0)
    fssm (0.2.10)
    gherkin (2.12.0)
      multi_json (~> 1.3)
    haml (4.0.3)
      tilt
    handlebars-source (1.0.0.rc4)
    highline (1.6.19)
    hike (1.2.3)
    httmultiparty (0.3.8)
      httparty (>= 0.7.3)
      multipart-post
    httparty (0.11.0)
      multi_json (~> 1.0)
      multi_xml (>= 0.5.2)
    i18n (0.6.1)
    journey (1.0.4)
    jquery-rails (2.1.4)
      railties (>= 3.0, < 5.0)
      thor (>= 0.14, < 2.0)
    json (1.8.0)
    kaminari (0.14.1)
      actionpack (>= 3.0.0)
      activesupport (>= 3.0.0)
    kgio (2.8.0)
    less (2.3.2)
      commonjs (~> 0.2.6)
    less-rails (2.3.3)
      actionpack (>= 3.1)
      less (~> 2.3.1)
    libv8 (3.11.8.17)
    locomotive-aloha-rails (0.23.2.2)
      actionpack (~> 3.2.13)
    locomotive-mongoid_migration (0.0.7)
      mongoid (~> 3.1)
      rails (~> 3.2)
    locomotive-tinymce-rails (3.5.8.1)
      actionpack (~> 3.2)
    locomotive_liquid (2.4.2)
    logger (1.2.8)
    mail (2.5.4)
      mime-types (~> 1.16)
      treetop (~> 1.4.8)
    metaclass (0.0.1)
    method_source (0.8.1)
    mime-types (1.23)
    mimetype-fu (0.1.2)
    mocha (0.13.3)
      metaclass (~> 0.0.1)
    money (5.1.1)
      i18n (~> 0.6.0)
    mongoid (3.1.4)
      activemodel (~> 3.2)
      moped (~> 1.4)
      origin (~> 1.0)
      tzinfo (~> 0.3.22)
    mongoid-grid_fs (1.8.0)
      mime-types (~> 1.19)
      mongoid (~> 3.0)
    mongoid-tree (1.0.1)
      mongoid (>= 3.0, <= 4.0)
    moped (1.5.0)
    multi_json (1.7.6)
    multi_xml (0.5.4)
    multipart-post (1.2.0)
    net-scp (1.1.1)
      net-ssh (>= 2.6.5)
    net-ssh (2.6.7)
    nokogiri (1.5.10)
    origin (1.1.0)
    orm_adapter (0.4.0)
    polyglot (0.3.3)
    pry (0.9.12.2)
      coderay (~> 1.0.5)
      method_source (~> 0.8)
      slop (~> 3.4)
    pry-debugger (0.2.2)
      debugger (~> 1.3)
      pry (~> 0.9.10)
    pry-rails (0.3.1)
      pry (>= 0.9.10)
    pry-stack_explorer (0.4.9)
      binding_of_caller (>= 0.7)
      pry (~> 0.9.11)
    qunit-rails (0.0.3)
      railties (>= 3.2.3)
    rack (1.4.5)
    rack-cache (1.2)
      rack (>= 0.4)
    rack-ssl (1.3.3)
      rack
    rack-test (0.6.2)
      rack (>= 1.0)
    rails (3.2.13)
      actionmailer (= 3.2.13)
      actionpack (= 3.2.13)
      activerecord (= 3.2.13)
      activeresource (= 3.2.13)
      activesupport (= 3.2.13)
      bundler (~> 1.0)
      railties (= 3.2.13)
    rails-backbone (0.7.2)
      coffee-script (~> 2.2.0)
      ejs (~> 1.0.0)
      railties (>= 3.1.0)
    railties (3.2.13)
      actionpack (= 3.2.13)
      activesupport (= 3.2.13)
      rack-ssl (~> 1.3.2)
      rake (>= 0.8.7)
      rdoc (~> 3.4)
      thor (>= 0.14.6, < 2.0)
    raindrops (0.11.0)
    rake (10.0.4)
    rdoc (3.12.2)
      json (~> 1.4)
    ref (1.0.5)
    responders (0.9.3)
      railties (~> 3.1)
    rspec-cells (0.1.7)
      cells (~> 3.4)
      railties (>= 3.0, < 4.1)
      rspec-rails (~> 2.2)
    rspec-core (2.13.1)
    rspec-expectations (2.13.0)
      diff-lcs (>= 1.1.3, < 2.0)
    rspec-mocks (2.13.1)
    rspec-rails (2.13.2)
      actionpack (>= 3.0)
      activesupport (>= 3.0)
      railties (>= 3.0)
      rspec-core (~> 2.13.0)
      rspec-expectations (~> 2.13.0)
      rspec-mocks (~> 2.13.0)
    ruby-hmac (0.4.0)
    rubyzip (0.9.9)
    sanitize (2.0.3)
      nokogiri (>= 1.4.4, < 1.6)
    sass (3.2.9)
    sass-rails (3.2.6)
      railties (~> 3.2.0)
      sass (>= 3.1.10)
      tilt (~> 1.3)
    selenium-webdriver (2.33.0)
      childprocess (>= 0.2.5)
      multi_json (~> 1.0)
      rubyzip
      websocket (~> 1.0.4)
    slim (2.0.0)
      temple (~> 0.6.5)
      tilt (~> 1.3, >= 1.3.3)
    slim-rails (2.0.1)
      actionpack (>= 3.0, < 4.1)
      activesupport (>= 3.0, < 4.1)
      railties (>= 3.0, < 4.1)
      slim (~> 2.0)
    slop (3.4.5)
    sprockets (2.2.2)
      hike (~> 1.2)
      multi_json (~> 1.0)
      rack (~> 1.0)
      tilt (~> 1.1, != 1.3.0)
    stringex (1.5.1)
    susy (1.0.8)
      compass (>= 0.12.2)
      sass (>= 3.2.0)
    temple (0.6.5)
    therubyracer (0.11.4)
      libv8 (~> 3.11.8.12)
      ref
    thor (0.18.1)
    tilt (1.4.1)
    treetop (1.4.14)
      polyglot
      polyglot (>= 0.3.1)
    tzinfo (0.3.37)
    uglifier (2.1.1)
      execjs (>= 0.3.0)
      multi_json (~> 1.0, >= 1.0.2)
    unicorn (4.6.2)
      kgio (~> 2.6)
      rack
      raindrops (~> 0.7)
    warden (1.2.1)
      rack (>= 1.0)
    websocket (1.0.7)
    xpath (2.0.0)
      nokogiri (~> 1.3)
    zeus (0.13.3)
      method_source (>= 0.6.7)
    zip (2.0.2)

PLATFORMS
  ruby

DEPENDENCIES
  active_model_serializers
  capybara
  capybara-firebug
  coffee-rails
  compass-rails
  cucumber-rails
  database_cleaner
  ember-rails
  ember-source (= 1.0.0.rc5)
  emblem-rails
  emblem-source
  factory_girl_rails (~> 4.2.1)
  handlebars-source (= 1.0.0.rc4)
  less-rails-bootstrap!
  locomotive_cms!
  locomotivecms_mounter!
  mocha (~> 0.13.0)
  pry
  pry-debugger
  pry-rails
  pry-stack_explorer
  qunit-rails
  rails (= 3.2.13)
  rspec-cells
  rspec-rails
  sass-rails
  selenium-webdriver
  slim-rails
  susy
  therubyracer
  uglifier
  unicorn
  zeus
